GEM
  remote: https://rubygems.org/
  specs:
    aws-sdk (1.57.0)
      aws-sdk-v1 (= 1.57.0)
    aws-sdk-v1 (1.57.0)
      json (~> 1.4)
      nokogiri (>= 1.4.4)
    diff-lcs (1.2.5)
    json (1.8.1)
    mini_portile (0.6.1)
    mixlib-shellout (2.0.1)
    nokogiri (1.6.4)
      mini_portile (~> 0.6.0)
    rake (10.4.2)
    rspec (3.1.0)
      rspec-core (~> 3.1.0)
      rspec-expectations (~> 3.1.0)
      rspec-mocks (~> 3.1.0)
    rspec-core (3.1.7)
      rspec-support (~> 3.1.0)
    rspec-expectations (3.1.2)
      diff-lcs (>= 1.2.0, < 2.0)
      rspec-support (~> 3.1.0)
    rspec-mocks (3.1.3)
      rspec-support (~> 3.1.0)
    rspec-support (3.1.2)
    thor (0.19.1)
    thor-scmversion (1.7.0)
      mixlib-shellout
      thor

PLATFORMS
  ruby

DEPENDENCIES
  aws-sdk
  bundler
  rake
  rspec
  thor
  thor-scmversion
